GIT
  remote: git://github.com/tdreyno/middleman.git
  revision: daf217567f22febb7432c661f15fc0ad43b9818a
  specs:
    middleman (2.0.0.rc1)
      coffee-filter (~> 0.1.0)
      coffee-script (~> 2.2.0)
      compass (~> 0.11.3)
      compass-susy-plugin (~> 0.9.0)
      haml (~> 3.1.0)
      httparty (~> 0.7.0)
      padrino-core (~> 0.9.23)
      padrino-helpers (~> 0.9.23)
      rack (~> 1.1)
      rack-test (~> 0.5.0)
      rdiscount (~> 1.6.8)
      sass (~> 3.1.0)
      sinatra (~> 1.2.0)
      slim (~> 0.9.4)
      thor (~> 0.14.0)
      tilt (~> 1.3.1)
      uglifier (~> 0.5.0)

GEM
  remote: http://rubygems.org/
  specs:
    activesupport (3.0.9)
    builder (3.0.0)
    chunky_png (1.2.0)
    coffee-filter (0.1.1)
      coffee-script (>= 2.2.0)
      haml (>= 3.0.18)
    coffee-script (2.2.0)
      coffee-script-source
      execjs
    coffee-script-source (1.1.1)
    compass (0.11.4)
      chunky_png (~> 1.2)
      fssm (>= 0.2.7)
      sass (~> 3.1)
    compass-susy-plugin (0.9)
      compass (>= 0.11.1)
    configuration (1.3.1)
    crack (0.1.8)
    daemons (1.1.4)
    eventmachine (0.12.10)
    execjs (1.2.0)
      multi_json (~> 1.0)
    foreman (0.19.0)
      term-ansicolor (~> 1.0.5)
      thor (>= 0.13.6)
    fssm (0.2.7)
    haml (3.1.2)
    heroku (2.3.6)
      launchy (>= 0.3.2)
      rest-client (~> 1.6.1)
      term-ansicolor (~> 1.0.5)
    http_router (0.7.10)
      rack (>= 1.0.0)
      url_mount (~> 0.2.1)
    httparty (0.7.8)
      crack (= 0.1.8)
    i18n (0.6.0)
    launchy (0.4.0)
      configuration (>= 0.0.5)
      rake (>= 0.8.1)
    mime-types (1.16)
    multi_json (1.0.3)
    nokogiri (1.5.0)
    padrino-core (0.9.29)
      activesupport (>= 3.0.0)
      http_router (~> 0.7.8)
      sinatra (~> 1.2.6)
      thor (>= 0.14.3)
      tilt (~> 1.3.0)
    padrino-helpers (0.9.29)
      i18n (>= 0.4.1)
      padrino-core (= 0.9.29)
    rack (1.3.0)
    rack-codehighlighter (0.4.7)
      nokogiri (>= 1.4.1)
      rack (>= 1.0.0)
    rack-contrib (1.1.0)
      rack (>= 0.9.1)
    rack-test (0.5.7)
      rack (>= 1.0)
    rake (0.9.2)
    rdiscount (1.6.8)
    redcarpet (1.17.2)
    rest-client (1.6.3)
      mime-types (>= 1.16)
    sass (3.1.4)
    sinatra (1.2.6)
      rack (~> 1.1)
      tilt (>= 1.2.2, < 2.0)
    slim (0.9.4)
      temple (~> 0.3.0)
      tilt (~> 1.2)
    temple (0.3.2)
    term-ansicolor (1.0.5)
    thin (1.2.11)
      daemons (>= 1.0.9)
      eventmachine (>= 0.12.6)
      rack (>= 1.0.0)
    thor (0.14.6)
    tilt (1.3.2)
    uglifier (0.5.4)
      execjs (>= 0.3.0)
      multi_json (>= 1.0.2)
    url_mount (0.2.1)
      rack

PLATFORMS
  ruby

DEPENDENCIES
  builder
  foreman
  heroku
  middleman!
  rack-codehighlighter
  rack-contrib
  redcarpet
  thin
